GEM
  remote: https://www.rubygems.org/
  specs:
    dotenv (0.11.1)
      dotenv-deployment (~> 0.0.2)
    dotenv-deployment (0.0.2)
    foreman (0.75.0)
      dotenv (~> 0.11.1)
      thor (~> 0.19.1)
    puma (2.14.0)
    rack (1.6.4)
    rack-protection (1.5.3)
      rack
    sinatra (1.4.6)
      rack (~> 1.4)
      rack-protection (~> 1.4)
      tilt (>= 1.3, < 3)
    thor (0.19.1)
    tilt (2.0.1)

PLATFORMS
  ruby

DEPENDENCIES
  foreman
  puma
  sinatra
